PATH
  remote: .
  specs:
    i18n-js (2.1.2)
      i18n

GEM
  remote: https://rubygems.org/
  specs:
    activesupport (3.1.1)
      multi_json (~> 1.0)
    coderay (0.9.8)
    diff-lcs (1.1.3)
    fakeweb (1.3.0)
    i18n (0.6.0)
    method_source (0.6.7)
      ruby_parser (>= 2.3.1)
    multi_json (1.0.3)
    notifier (0.1.4)
    pry (0.9.7.4)
      coderay (~> 0.9.8)
      method_source (~> 0.6.7)
      ruby_parser (>= 2.3.1)
      slop (~> 2.1.0)
    rake (0.9.2.2)
    rspec (2.7.0)
      rspec-core (~> 2.7.0)
      rspec-expectations (~> 2.7.0)
      rspec-mocks (~> 2.7.0)
    rspec-core (2.7.1)
    rspec-expectations (2.7.0)
      diff-lcs (~> 1.1.2)
    rspec-mocks (2.7.0)
    ruby_parser (2.3.1)
      sexp_processor (~> 3.0)
    sexp_processor (3.0.8)
    slop (2.1.0)
    spec-js (0.1.0.beta.3)
      notifier

PLATFORMS
  ruby

DEPENDENCIES
  activesupport (>= 3.0.0)
  fakeweb
  i18n-js!
  pry
  rake
  rspec (~> 2.6)
  spec-js (~> 0.1.0.beta.0)
